PATH
  remote: .
  specs:
    elasticsearch_rasi (0.2.0)
      activesupport
      elasticsearch (= 0.4)
      oj (~> 2.11)
      typhoeus (~> 0.7)

GEM
  remote: https://rubygems.org/
  specs:
    activesupport (4.2.4)
      i18n (~> 0.7)
      json (~> 1.7, >= 1.7.7)
      minitest (~> 5.1)
      thread_safe (~> 0.3, >= 0.3.4)
      tzinfo (~> 1.1)
    diff-lcs (1.2.5)
    elasticsearch (0.4.0)
      elasticsearch-api (= 0.4.0)
      elasticsearch-transport (= 0.4.0)
    elasticsearch-api (0.4.0)
      multi_json
    elasticsearch-transport (0.4.0)
      faraday
      multi_json
    ethon (0.8.0)
      ffi (>= 1.3.0)
    faraday (0.9.2)
      multipart-post (>= 1.2, < 3)
    ffi (1.9.10)
    i18n (0.7.0)
    json (1.8.3)
    minitest (5.8.2)
    multi_json (1.11.2)
    multipart-post (2.0.0)
    oj (2.13.1)
    power_assert (0.2.6)
    rspec (3.3.0)
      rspec-core (~> 3.3.0)
      rspec-expectations (~> 3.3.0)
      rspec-mocks (~> 3.3.0)
    rspec-core (3.3.2)
      rspec-support (~> 3.3.0)
    rspec-expectations (3.3.1)
      diff-lcs (>= 1.2.0, < 2.0)
      rspec-support (~> 3.3.0)
    rspec-mocks (3.3.2)
      diff-lcs (>= 1.2.0, < 2.0)
      rspec-support (~> 3.3.0)
    rspec-support (3.3.0)
    test-unit (3.1.5)
      power_assert
    thread_safe (0.3.5)
    typhoeus (0.8.0)
      ethon (>= 0.8.0)
    tzinfo (1.2.2)
      thread_safe (~> 0.1)

PLATFORMS
  ruby

DEPENDENCIES
  elasticsearch_rasi!
  rspec
  test-unit

BUNDLED WITH
   1.10.4
